GEM
  remote: http://rubygems.org/
  specs:
    awesome_print (0.4.0)
    capybara (1.0.0)
      mime-types (>= 1.16)
      nokogiri (>= 1.3.3)
      rack (>= 1.0.0)
      rack-test (>= 0.5.4)
      selenium-webdriver (~> 0.2.0)
      xpath (~> 0.1.4)
    childprocess (0.2.0)
      ffi (~> 1.0.6)
    dalli (1.0.5)
    diff-lcs (1.1.2)
    ffi (1.0.9)
    foreman (0.19.0)
      term-ansicolor (~> 1.0.5)
      thor (>= 0.13.6)
    haml (3.1.2)
    happymapper (0.3.2)
      libxml-ruby (~> 1.1.3)
    json_pure (1.5.3)
    libxml-ruby (1.1.4)
    mime-types (1.16)
    nokogiri (1.5.0)
    rack (1.3.1)
    rack-test (0.6.1)
      rack (>= 1.0)
    rake (0.9.2)
    rest-client (1.6.3)
      mime-types (>= 1.16)
    rspec (2.4.0)
      rspec-core (~> 2.4.0)
      rspec-expectations (~> 2.4.0)
      rspec-mocks (~> 2.4.0)
    rspec-core (2.4.0)
    rspec-expectations (2.4.0)
      diff-lcs (~> 1.1.2)
    rspec-mocks (2.4.0)
    rubyzip (0.9.4)
    selenium-webdriver (0.2.2)
      childprocess (>= 0.1.9)
      ffi (>= 1.0.7)
      json_pure
      rubyzip
    shotgun (0.9)
      rack (>= 1.0)
    sinatra (1.2.6)
      rack (~> 1.1)
      tilt (>= 1.2.2, < 2.0)
    temperature (1.2)
    term-ansicolor (1.0.6)
    thor (0.14.6)
    tilt (1.3.2)
    weather-underground (1.1.1)
      happymapper
      rest-client
      temperature (>= 1.0.0)
    xpath (0.1.4)
      nokogiri (~> 1.3)

PLATFORMS
  ruby

DEPENDENCIES
  awesome_print
  capybara
  dalli (= 1.0.5)
  foreman
  haml (= 3.1.2)
  rack-test
  rake (= 0.9.2)
  rspec (= 2.4.0)
  shotgun
  sinatra (~> 1.2.1)
  weather-underground (~> 1.1.1)
